GEM
  remote: https://rubygems.org/
  specs:
    activesupport (7.1.2)
      base64
      bigdecimal
      concurrent-ruby (~> 1.0, >= 1.0.2)
      connection_pool (>= 2.2.5)
      drb
      i18n (>= 1.6, < 2)
      minitest (>= 5.1)
      mutex_m
      tzinfo (~> 2.0)
    base64 (0.2.0)
    bigdecimal (3.1.5)
    concurrent-ruby (1.2.2)
    connection_pool (2.4.1)
    diff-lcs (1.2.5)
    drb (2.2.0)
      ruby2_keywords
    erubis (2.7.0)
    excon (0.76.0)
    heroics (0.0.24)
      erubis (~> 2.0)
      excon
      moneta
      multi_json (>= 1.9.2)
    heroku_hatchet (3.0.4)
      excon (~> 0)
      minitest-retry (~> 0.1.9)
      platform-api (~> 2)
      repl_runner (~> 0.0.3)
      rrrretry (~> 1)
      thor (~> 0)
      threaded (~> 0)
    i18n (1.14.1)
      concurrent-ruby (~> 1.0)
    minitest (5.21.1)
    minitest-retry (0.1.9)
      minitest (>= 5.0)
    moneta (0.8.1)
    multi_json (1.12.2)
    mutex_m (0.2.0)
    platform-api (2.1.0)
      heroics (~> 0.0.23)
      moneta (~> 0.8.1)
    repl_runner (0.0.3)
      activesupport
    rrrretry (1.0.0)
    rspec-core (3.4.1)
      rspec-support (~> 3.4.0)
    rspec-expectations (3.4.0)
      diff-lcs (>= 1.2.0, < 2.0)
      rspec-support (~> 3.4.0)
    rspec-retry (0.4.5)
      rspec-core
    rspec-support (3.4.1)
    ruby2_keywords (0.0.5)
    thor (0.20.0)
    threaded (0.0.4)
    tzinfo (2.0.6)
      concurrent-ruby (~> 1.0)

PLATFORMS
  ruby

DEPENDENCIES
  heroku_hatchet (= 3.0.4)
  rspec-expectations
  rspec-retry

BUNDLED WITH
   1.15.4
